GEM
  remote: http://rubygems.org/
  specs:
    actionmailer (2.3.5)
      actionpack (= 2.3.5)
    actionpack (2.3.5)
      activesupport (= 2.3.5)
      rack (~> 1.0.0)
    activerecord (2.3.5)
      activesupport (= 2.3.5)
    activeresource (2.3.5)
      activesupport (= 2.3.5)
    activesupport (2.3.5)
    crack (0.1.6)
    httparty (0.5.2)
      crack (= 0.1.6)
    json (1.2.0)
    rack (1.0.1)
    rack-test (0.5.3)
      rack (>= 1.0)
    rails (2.3.5)
      actionmailer (= 2.3.5)
      actionpack (= 2.3.5)
      activerecord (= 2.3.5)
      activeresource (= 2.3.5)
      activesupport (= 2.3.5)
      rake (>= 0.8.3)
    rake (0.8.7)
    rspec (1.3.0)
    sinatra (1.0)
      rack (>= 1.0)

PLATFORMS
  ruby

DEPENDENCIES
  bundler (= 1.0.0.beta.5)
  httparty (= 0.5.2)
  json (= 1.2.0)
  rack-test (= 0.5.3)
  rails (= 2.3.5)
  rake (= 0.8.7)
  rspec (= 1.3.0)
  rspec (= 1.3.0)
  rspec (= 1.3.0)
  sinatra (= 1.0)
