GEM
  remote: http://rubygems.org/
  specs:
    actionmailer (2.3.5)
      actionpack (= 2.3.5)
    actionpack (2.3.5)
      activesupport (= 2.3.5)
      rack (~> 1.0.0)
    active_wrapper (0.2.7)
      actionmailer (= 2.3.5)
      activerecord (= 2.3.5)
    activerecord (2.3.5)
      activesupport (= 2.3.5)
    activesupport (2.3.5)
    builder (2.1.2)
    crack (0.1.6)
    cucumber (0.6.2)
      builder (>= 2.1.2)
      diff-lcs (>= 1.1.2)
      json_pure (>= 1.2.0)
      polyglot (>= 0.2.9)
      term-ansicolor (>= 1.0.4)
      treetop (>= 1.4.2)
    diff-lcs (1.1.2)
    haml (2.2.17)
    httparty (0.5.2)
      crack (= 0.1.6)
    json_pure (1.2.0)
    lilypad (0.3.0)
      builder (>= 2.1.2)
    mysql (2.8.1)
    newrelic_rpm (2.10.6)
    polyglot (0.2.9)
    rack (1.0.1)
    rack-flash (0.1.1)
      rack
    rack-test (0.5.3)
      rack (>= 1.0)
    rake (0.8.7)
    rspec (1.3.0)
    sinatra (1.0)
      rack (>= 1.0)
    term-ansicolor (1.0.4)
    treetop (1.4.3)
      polyglot (>= 0.2.5)
    with_pid (0.1.2)

PLATFORMS
  ruby

DEPENDENCIES
  active_wrapper (= 0.2.7)
  active_wrapper (= 0.2.7)
  active_wrapper (= 0.2.7)
  active_wrapper (= 0.2.7)
  bundler (= 1.0.0.beta.5)
  cucumber (= 0.6.2)
  haml (= 2.2.17)
  haml (= 2.2.17)
  httparty (= 0.5.2)
  lilypad (= 0.3.0)
  lilypad (= 0.3.0)
  mysql (= 2.8.1)
  newrelic_rpm (= 2.10.6)
  rack-flash
  rack-test (= 0.5.3)
  rack-test (= 0.5.3)
  rake (= 0.8.7)
  rspec (= 1.3.0)
  rspec (= 1.3.0)
  rspec (= 1.3.0)
  sinatra (= 1.0)
  sinatra (= 1.0)
  sinatra (= 1.0)
  with_pid (= 0.1.2)
